GEM
  remote: https://rubygems.org/
  specs:
    addressable (2.5.2)
      public_suffix (>= 2.0.2, < 4.0)
    autoprefixer-rails (9.4.3)
      execjs
    bootstrap-sass (3.4.0)
      autoprefixer-rails (>= 5.2.1)
      sassc (>= 2.0.0)
    colorator (1.1.0)
    execjs (2.7.0)
    ffi (1.9.18)
    font-awesome-sass (5.5.0.1)
      sassc (>= 1.11)
    forwardable-extended (2.6.0)
    jekyll (3.6.0)
      addressable (~> 2.4)
      colorator (~> 1.0)
      jekyll-sass-converter (~> 1.0)
      jekyll-watch (~> 1.1)
      kramdown (~> 1.14)
      liquid (~> 4.0)
      mercenary (~> 0.3.3)
      pathutil (~> 0.9)
      rouge (>= 1.7, < 3)
      safe_yaml (~> 1.0)
    jekyll-bootstrap-sass (0.1.0)
      bootstrap-sass (~> 3.3)
      jekyll (>= 2.5)
    jekyll-font-awesome-sass (0.1.1)
      font-awesome-sass (>= 4)
      jekyll (>= 2.5, < 4.0)
    jekyll-sass-converter (1.5.0)
      sass (~> 3.4)
    jekyll-sitemap (1.1.1)
      jekyll (~> 3.3)
    jekyll-watch (1.5.0)
      listen (~> 3.0, < 3.1)
    kramdown (1.15.0)
    liquid (4.0.0)
    listen (3.0.8)
      rb-fsevent (~> 0.9, >= 0.9.4)
      rb-inotify (~> 0.9, >= 0.9.7)
    mercenary (0.3.6)
    octopress (3.0.12.pre.1)
      jekyll (>= 2.0)
      mercenary (~> 0.3.2)
      octopress-deploy
      octopress-escape-code (~> 2.0)
      octopress-hooks (~> 2.0)
      redcarpet (~> 3.0)
      titlecase
    octopress-deploy (1.3.0)
      colorator
    octopress-escape-code (2.1.1)
      jekyll (~> 3.0)
    octopress-hooks (2.6.2)
      jekyll (>= 2.0)
    pathutil (0.16.0)
      forwardable-extended (~> 2.6)
    public_suffix (3.0.0)
    rake (12.3.2)
    rb-fsevent (0.10.2)
    rb-inotify (0.9.10)
      ffi (>= 0.5.0, < 2)
    redcarpet (3.4.0)
    rouge (2.2.1)
    safe_yaml (1.0.4)
    sass (3.5.2)
      sass-listen (~> 4.0.0)
    sass-listen (4.0.0)
      rb-fsevent (~> 0.9, >= 0.9.4)
      rb-inotify (~> 0.9, >= 0.9.7)
    sassc (2.0.0)
      ffi (~> 1.9.6)
      rake
    titlecase (0.1.1)

PLATFORMS
  ruby

DEPENDENCIES
  jekyll
  jekyll-bootstrap-sass
  jekyll-font-awesome-sass
  jekyll-sitemap
  octopress (~> 3.0.0.rc.12)
  rouge

BUNDLED WITH
   1.16.1
